GEM
  specs:
    calyx (0.12.0)

PLATFORMS
  ruby

DEPENDENCIES
  calyx

BUNDLED WITH
   1.11.2
